GEM
  remote: https://rubygems.org/
  specs:
    activesupport (3.2.17)
      i18n (~> 0.6, >= 0.6.4)
      multi_json (~> 1.0)
    addressable (2.3.8)
    ast (2.3.0)
    awesome_print (1.7.0)
    backports (3.6.8)
    claide (0.4.0)
    cocoapods (0.29.0)
      activesupport (>= 3.2.15, < 4)
      claide (~> 0.4.0)
      cocoapods-core (= 0.29.0)
      cocoapods-downloader (~> 0.3.0)
      cocoapods-try-release-fix (~> 0.1.1)
      colored (~> 1.2)
      escape (~> 0.0.4)
      json_pure (~> 1.8)
      nap (~> 0.5)
      open4 (~> 1.3)
      xcodeproj (~> 0.14.1)
    cocoapods-core (0.29.0)
      activesupport (>= 3.2.15, < 4)
      fuzzy_match (~> 2.0.4)
      json_pure (~> 1.8)
      nap (~> 0.5)
    cocoapods-downloader (0.3.0)
    cocoapods-try-release-fix (0.1.2)
    colored (1.2)
    descendants_tracker (0.0.4)
      thread_safe (~> 0.3, >= 0.3.1)
    escape (0.0.4)
    ethon (0.10.1)
      ffi (>= 1.3.0)
    execjs (2.7.0)
    faraday (0.9.2)
      multipart-post (>= 1.2, < 3)
    faraday_middleware (0.10.1)
      faraday (>= 0.7.4, < 1.0)
    ffi (1.9.3)
    fuzzy_match (2.0.4)
    gh (0.14.0)
      addressable
      backports
      faraday (~> 0.8)
      multi_json (~> 1.0)
      net-http-persistent (>= 2.7)
      net-http-pipeline
    git (1.2.9.1)
    github_api (0.11.3)
      addressable (~> 2.3)
      descendants_tracker (~> 0.0.1)
      faraday (~> 0.8, < 0.10)
      hashie (>= 1.2)
      multi_json (>= 1.7.5, < 2.0)
      nokogiri (~> 1.6.0)
      oauth2
    hashie (3.4.6)
    highline (1.6.21)
    httparty (0.13.0)
      json (~> 1.8)
      multi_xml (>= 0.5.2)
    i18n (0.6.11)
    json (1.8.3)
    json_pure (1.8.3)
    jwt (1.5.6)
    kramdown (1.11.1)
    launchy (2.4.3)
      addressable (~> 2.3)
    mini_portile (0.5.2)
    multi_json (1.12.1)
    multi_xml (0.6.0)
    multipart-post (2.0.0)
    nap (0.8.0)
    net-http-persistent (2.9.4)
    net-http-pipeline (1.0.1)
    nokogiri (1.6.1)
      mini_portile (~> 0.5.0)
    oauth2 (1.3.0)
      faraday (>= 0.8, < 0.11)
      jwt (~> 1.0)
      multi_json (~> 1.3)
      multi_xml (~> 0.5)
      rack (>= 1.2, < 3)
    open4 (1.3.4)
    parser (2.1.9)
      ast (>= 1.1, < 3.0)
      slop (~> 3.4, >= 3.4.5)
    powerpack (0.0.9)
    pusher-client (0.6.2)
      json
      websocket (~> 1.0)
    rack (1.6.5)
    rainbow (2.0.0)
    rake (10.4.2)
    rubocop (0.19.1)
      json (>= 1.7.7, < 2)
      parser (~> 2.1.7)
      powerpack (~> 0.0.6)
      rainbow (>= 1.99.1, < 3.0)
      ruby-progressbar (~> 1.4)
    ruby-progressbar (1.8.1)
    slop (3.5.0)
    thor (0.19.1)
    thread_safe (0.3.5)
    travis (1.8.5)
      backports
      faraday (~> 0.9)
      faraday_middleware (~> 0.9, >= 0.9.1)
      gh (~> 0.13)
      highline (~> 1.6)
      launchy (~> 2.1)
      pusher-client (~> 0.4)
      typhoeus (~> 0.6, >= 0.6.8)
    typhoeus (0.8.0)
      ethon (>= 0.8.0)
    websocket (1.2.3)
    xcodeproj (0.14.1)
      activesupport (~> 3.0)
      colored (~> 1.2)
      rake
    xcpretty (0.1.3)

PLATFORMS
  ruby

DEPENDENCIES
  awesome_print
  cocoapods
  git
  github-pages
  github_api
  httparty
  jazzy
  rubocop
  thor
  travis
  xcpretty

RUBY VERSION
   ruby 2.2.6p396

BUNDLED WITH
   1.13.7
