PATH
  remote: .
  specs:
    xcinvoke (0.2.1)
      liferaft (~> 0.0.4)

GEM
  remote: https://rubygems.org/
  specs:
    addressable (2.3.8)
    ast (2.2.0)
    astrolabe (1.3.1)
      parser (~> 2.2)
    bacon (1.2.0)
    crack (0.4.2)
      safe_yaml (~> 1.0.0)
    liferaft (0.0.4)
    metaclass (0.0.4)
    mocha (1.1.0)
      metaclass (~> 0.0.1)
    mocha-on-bacon (0.2.2)
      mocha (>= 0.13.0)
    parser (2.3.0.2)
      ast (~> 2.2)
    powerpack (0.1.1)
    prettybacon (0.0.2)
      bacon (~> 1.2)
    rainbow (2.0.0)
    rake (10.4.2)
    rubocop (0.32.1)
      astrolabe (~> 1.3)
      parser (>= 2.2.2.5, < 3.0)
      powerpack (~> 0.1)
      rainbow (>= 1.99.1, < 3.0)
      ruby-progressbar (~> 1.4)
    ruby-progressbar (1.7.5)
    safe_yaml (1.0.4)
    webmock (1.21.0)
      addressable (>= 2.3.6)
      crack (>= 0.3.2)

PLATFORMS
  ruby

DEPENDENCIES
  bacon
  bundler (~> 1.10)
  mocha
  mocha-on-bacon
  prettybacon
  rake (~> 10.0)
  rubocop
  webmock
  xcinvoke!

BUNDLED WITH
   1.11.2
